GEM
  remote: https://rubygems.org/
  specs:
    diff-lcs (1.3)
    equatable (0.6.1)
    fakefs (1.2.2)
    pastel (0.7.3)
      equatable (~> 0.6)
      tty-color (~> 0.5)
    rspec (3.9.0)
      rspec-core (~> 3.9.0)
      rspec-expectations (~> 3.9.0)
      rspec-mocks (~> 3.9.0)
    rspec-core (3.9.1)
      rspec-support (~> 3.9.1)
    rspec-expectations (3.9.1)
      diff-lcs (>= 1.2.0, < 2.0)
      rspec-support (~> 3.9.0)
    rspec-mocks (3.9.1)
      diff-lcs (>= 1.2.0, < 2.0)
      rspec-support (~> 3.9.0)
    rspec-support (3.9.2)
    tty-color (0.5.1)
    tty-command (0.9.0)
      pastel (~> 0.7.0)

PLATFORMS
  ruby

DEPENDENCIES
  fakefs
  rspec
  tty-command

BUNDLED WITH
   2.1.4
